GEM
  remote: http://rubygems.org/
  specs:
    execjs (1.4.1)
      multi_json (~> 1.0)
    multi_json (1.12.2)
    mustermann (1.0.1)
    mysql2 (0.4.10)
    rack (2.0.3)
    rack-protection (2.0.0)
      rack
    sequel (5.2.0)
    sinatra (2.0.0)
      mustermann (~> 1.0)
      rack (~> 2.0)
      rack-protection (= 2.0.0)
      tilt (~> 2.0)
    sinatra-cors (1.1.0)
    tilt (2.0.8)

PLATFORMS
  ruby

DEPENDENCIES
  execjs (~> 1.4)
  mysql2
  sequel
  sinatra
  sinatra-cors

BUNDLED WITH
   1.16.0
