GEM
  remote: http://rubygems.org/
  specs:
    mustermann (1.0.1)
<<<<<<< HEAD
    rack (2.0.3)
    rack-protection (2.0.0)
      rack
=======
    mysql2 (0.4.9)
    rack (2.0.3)
    rack-protection (2.0.0)
      rack
    sequel (5.2.0)
>>>>>>> origin/master
    sinatra (2.0.0)
      mustermann (~> 1.0)
      rack (~> 2.0)
      rack-protection (= 2.0.0)
      tilt (~> 2.0)
    tilt (2.0.8)

PLATFORMS
  ruby

DEPENDENCIES
<<<<<<< HEAD
=======
  mysql2
  sequel
>>>>>>> origin/master
  sinatra

BUNDLED WITH
   1.16.0
